GEM
  remote: https://rubygems.org/
  specs:
    bootstrap-sass (2.3.2.0)
      sass (~> 3.2)
    rack (1.6.1)
    rake (10.4.2)
    sass (3.4.20)

PLATFORMS
  ruby
  x64-mingw32

DEPENDENCIES
  bootstrap-sass (= 2.3.2.0)
  rack
  rake (~> 10.4.2)

BUNDLED WITH
   1.10.6
